GEM
  remote: https://rubygems.org/
  specs:
    mustermann (1.0.1)
    pkg-config (1.5.5)
    rack (2.0.3)
    rack-protection (2.0.0)
      rack
    rmagick (5.3.0)
      pkg-config (~> 1.4)
    sinatra (2.0.0)
      mustermann (~> 1.0)
      rack (~> 2.0)
      rack-protection (= 2.0.0)
      tilt (~> 2.0)
    tilt (2.0.8)

PLATFORMS
  ruby

DEPENDENCIES
  rmagick
  sinatra

BUNDLED WITH
   1.15.4
